GEM
  remote: https://rubygems.org/
  specs:
    ast (2.4.0)
    astrolabe (1.3.1)
      parser (~> 2.2)
    coderay (1.1.2)
    ffast (0.1.6)
      astrolabe
      coderay
      parser
      pry
    method_source (0.9.2)
    parser (2.6.5.0)
      ast (~> 2.4.0)
    pry (0.12.2)
      coderay (~> 1.1.0)
      method_source (~> 0.9.0)

PLATFORMS
  ruby

DEPENDENCIES
  ffast
  parser

BUNDLED WITH
   2.0.2
